GEM
  remote: https://rubygems.org/
  specs:
    addressable (2.7.0)
      public_suffix (>= 2.0.2, < 5.0)
    concurrent-ruby (1.1.7)
    connection_pool (2.2.3)
    domain_name (0.5.20190701)
      unf (>= 0.0.5, < 1.0.0)
    dotenv (2.7.6)
    e2mmap (0.1.0)
    easy_enum (0.1.4)
    et-orbi (1.2.4)
      tzinfo
    faraday (1.1.0)
      multipart-post (>= 1.2, < 3)
      ruby2_keywords
    ffi (1.13.1)
    ffi-compiler (1.0.1)
      ffi (>= 1.0.0)
      rake
    fugit (1.4.0)
      et-orbi (~> 1.1, >= 1.1.8)
      raabro (~> 1.4)
    geocoder (1.6.4)
    hanami-utils (1.3.6)
      concurrent-ruby (~> 1.0)
      transproc (~> 1.0)
    http (4.4.1)
      addressable (~> 2.3)
      http-cookie (~> 1.0)
      http-form_data (~> 2.2)
      http-parser (~> 1.2.0)
    http-cookie (1.0.3)
      domain_name (~> 0.5)
    http-form_data (2.3.0)
    http-parser (1.2.1)
      ffi-compiler (>= 1.0, < 2.0)
    httparty (0.18.1)
      mime-types (~> 3.0)
      multi_xml (>= 0.5.2)
    influxdb (0.8.0)
    mime-types (3.3.1)
      mime-types-data (~> 3.2015)
    mime-types-data (3.2020.0512)
    mini_portile2 (2.4.0)
    multi_xml (0.6.0)
    multipart-post (2.1.1)
    netatmo (0.1.3)
      easy_enum (~> 0.1.4)
      faraday (~> 1.0)
      geocoder (~> 1.6)
      zeitwerk (~> 2.3)
    nokogiri (1.10.9)
      mini_portile2 (~> 2.4.0)
    public_suffix (4.0.6)
    raabro (1.4.0)
    rack (2.2.3)
    rake (13.0.1)
    redis (4.2.2)
    ruby2_keywords (0.0.2)
    rufus-scheduler (3.6.0)
      fugit (~> 1.1, >= 1.1.6)
    sentry-ruby (4.1.1)
      concurrent-ruby (~> 1.0, >= 1.0.2)
      faraday (>= 1.0)
    sidekiq (6.1.2)
      connection_pool (>= 2.2.2)
      rack (~> 2.0)
      redis (>= 4.2.0)
    sidekiq-scheduler (3.0.1)
      e2mmap
      redis (>= 3, < 5)
      rufus-scheduler (~> 3.2)
      sidekiq (>= 3)
      thwait
      tilt (>= 1.4.0)
    sixarm_ruby_unaccent (1.2.0)
    speedtest (0.2.3)
      httparty (~> 0.13)
    thwait (0.2.0)
      e2mmap
    tilt (2.0.10)
    transproc (1.1.1)
    tzinfo (2.0.3)
      concurrent-ruby (~> 1.0)
    unf (0.1.4)
      unf_ext
    unf_ext (0.0.7.7)
    zeitwerk (2.4.1)

PLATFORMS
  ruby

DEPENDENCIES
  dotenv
  hanami-utils (~> 1.3)
  http (~> 4.4)
  influxdb (~> 0.8)
  netatmo (~> 0.1)
  nokogiri (~> 1.10)
  sentry-ruby (~> 4.1)
  sidekiq (~> 6.0)
  sidekiq-scheduler (~> 3.0)
  sixarm_ruby_unaccent (~> 1.2)
  speedtest (~> 0.2)

BUNDLED WITH
   2.1.4
