GEM
  remote: https://rubygems.org/
  specs:
    addressable (2.7.0)
      public_suffix (>= 2.0.2, < 5.0)
    domain_name (0.5.20190701)
      unf (>= 0.0.5, < 1.0.0)
    dotenv (2.7.6)
    easy_enum (0.1.4)
    faraday (1.1.0)
      multipart-post (>= 1.2, < 3)
      ruby2_keywords
    ffi (1.13.1)
    ffi-compiler (1.0.1)
      ffi (>= 1.0.0)
      rake
    geocoder (1.6.4)
    http (4.4.1)
      addressable (~> 2.3)
      http-cookie (~> 1.0)
      http-form_data (~> 2.2)
      http-parser (~> 1.2.0)
    http-cookie (1.0.3)
      domain_name (~> 0.5)
    http-form_data (2.3.0)
    http-parser (1.2.1)
      ffi-compiler (>= 1.0, < 2.0)
    influxdb (0.8.0)
    multipart-post (2.1.1)
    netatmo (0.1.3)
      easy_enum (~> 0.1.4)
      faraday (~> 1.0)
      geocoder (~> 1.6)
      zeitwerk (~> 2.3)
    public_suffix (4.0.6)
    rake (13.0.1)
    ruby2_keywords (0.0.2)
    unf (0.1.4)
      unf_ext
    unf_ext (0.0.7.7)
    zeitwerk (2.4.1)

PLATFORMS
  ruby

DEPENDENCIES
  dotenv
  http (~> 4.4)
  influxdb (~> 0.8)
  netatmo (~> 0.1)

BUNDLED WITH
   2.1.4
